GIT
  remote: git://github.com/odorcicd/authlogic.git
  revision: a087ad0cba3c165ba22fcf176c28b6f7517931e8
  branch: rails3
  specs:
    authlogic (2.1.3)
      activesupport

GIT
  remote: http://github.com/collectiveidea/delayed_job.git
  revision: b983b7e5b9ca37260b2640f2b0a847f91a9a2d0f
  specs:
    delayed_job (2.1.0.pre)
      daemons

GIT
  remote: http://github.com/mislav/will_paginate.git
  revision: 36159385c8a5837fc63fe901ebe0a88205b5ce8d
  branch: rails3
  specs:
    will_paginate (3.0.pre2)

GEM
  remote: http://rubygems.org/
  specs:
    abstract (1.0.0)
    actionmailer (3.0.0)
      actionpack (= 3.0.0)
      mail (~> 2.2.5)
    actionpack (3.0.0)
      activemodel (= 3.0.0)
      activesupport (= 3.0.0)
      builder (~> 2.1.2)
      erubis (~> 2.6.6)
      i18n (~> 0.4.1)
      rack (~> 1.2.1)
      rack-mount (~> 0.6.12)
      rack-test (~> 0.5.4)
      tzinfo (~> 0.3.23)
    activemodel (3.0.0)
      activesupport (= 3.0.0)
      builder (~> 2.1.2)
      i18n (~> 0.4.1)
    activerecord (3.0.0)
      activemodel (= 3.0.0)
      activesupport (= 3.0.0)
      arel (~> 1.0.0)
      tzinfo (~> 0.3.23)
    activeresource (3.0.0)
      activemodel (= 3.0.0)
      activesupport (= 3.0.0)
    activesupport (3.0.0)
    arel (1.0.1)
      activesupport (~> 3.0.0)
    builder (2.1.2)
    cloudfiles (1.4.8)
      mime-types (>= 1.16)
    crack (0.1.8)
    daemons (1.1.0)
    erubis (2.6.6)
      abstract (>= 1.0.0)
    factory_girl (1.3.2)
    factory_girl_rails (1.0)
      factory_girl (~> 1.3)
      rails (>= 3.0.0.beta4)
    hashie (0.4.0)
    hoptoad_notifier (2.3.6)
      activesupport
    httparty (0.6.1)
      crack (= 0.1.8)
    i18n (0.4.1)
    json (1.4.6)
    koala (0.8.0)
    mail (2.2.5)
      activesupport (>= 2.3.6)
      mime-types
      treetop (>= 1.4.5)
    mime-types (1.16)
    mini_magick (2.1)
      subexec (~> 0.0.4)
    multi_json (0.0.4)
    mysql (2.8.1)
    nokogiri (1.4.1)
    oauth (0.4.3)
    paperclip (2.3.3)
      activerecord
      activesupport
    polyglot (0.3.1)
    rack (1.2.1)
    rack-mount (0.6.12)
      rack (>= 1.0.0)
    rack-test (0.5.4)
      rack (>= 1.0)
    rails (3.0.0)
      actionmailer (= 3.0.0)
      actionpack (= 3.0.0)
      activerecord (= 3.0.0)
      activeresource (= 3.0.0)
      activesupport (= 3.0.0)
      bundler (~> 1.0.0)
      railties (= 3.0.0)
    rails3-generators (0.13.0)
    railties (3.0.0)
      actionpack (= 3.0.0)
      activesupport (= 3.0.0)
      rake (>= 0.8.4)
      thor (~> 0.14.0)
    rake (0.8.7)
    rio (0.4.2)
    rspec (2.0.0.beta.8)
      rspec-core (= 2.0.0.beta.8)
      rspec-expectations (= 2.0.0.beta.8)
      rspec-mocks (= 2.0.0.beta.8)
    rspec-core (2.0.0.beta.8)
    rspec-expectations (2.0.0.beta.8)
    rspec-mocks (2.0.0.beta.8)
    rspec-rails (2.0.0.beta.8)
      rspec (= 2.0.0.beta.8)
      webrat (>= 0.7.0)
    rspec_twicks (1.1.1)
    sax-machine (0.0.15)
      nokogiri (> 0.0.0)
    subexec (0.0.4)
    thor (0.14.0)
    tmail (1.2.7.1)
    treetop (1.4.8)
      polyglot (>= 0.3.1)
    twitter (0.9.12)
      hashie (~> 0.4.0)
      httparty (~> 0.6.1)
      multi_json (~> 0.0.4)
      oauth (~> 0.4.3)
    twitter_oauth (0.4.3)
      json (>= 1.1.9)
      mime-types (>= 1.16)
      oauth (>= 0.4.1)
    tzinfo (0.3.23)
    webrat (0.7.1)
      nokogiri (>= 1.2.0)
      rack (>= 1.0)
      rack-test (>= 0.5.3)

PLATFORMS
  ruby

DEPENDENCIES
  authlogic!
  cloudfiles
  delayed_job!
  factory_girl_rails
  hoptoad_notifier
  httparty
  koala
  mail
  mini_magick
  mysql
  nokogiri (= 1.4.1)
  oauth (~> 0.4.3)
  paperclip
  rails (= 3.0.0)
  rails3-generators
  rio
  rspec-rails (= 2.0.0.beta.8)
  rspec_twicks
  sax-machine
  tmail
  twitter (~> 0.9.12)
  twitter_oauth
  will_paginate!
